PATH
  remote: .
  specs:
    whenever-runner (0.1.0)
      daemons (>= 1.2)
      fugit (>= 1.5)
      whenever (>= 1.0.0)

GEM
  remote: https://rubygems.org/
  specs:
    chronic (0.10.2)
    concurrent-ruby (1.1.9)
    daemons (1.4.0)
    diff-lcs (1.4.4)
    et-orbi (1.2.6)
      tzinfo
    fugit (1.5.2)
      et-orbi (~> 1.1, >= 1.1.8)
      raabro (~> 1.4)
    raabro (1.4.0)
    rake (10.5.0)
    rspec (3.10.0)
      rspec-core (~> 3.10.0)
      rspec-expectations (~> 3.10.0)
      rspec-mocks (~> 3.10.0)
    rspec-core (3.10.1)
      rspec-support (~> 3.10.0)
    rspec-expectations (3.10.1)
      diff-lcs (>= 1.2.0, < 2.0)
      rspec-support (~> 3.10.0)
    rspec-mocks (3.10.2)
      diff-lcs (>= 1.2.0, < 2.0)
      rspec-support (~> 3.10.0)
    rspec-support (3.10.3)
    tzinfo (2.0.4)
      concurrent-ruby (~> 1.0)
    whenever (1.0.0)
      chronic (>= 0.6.3)

PLATFORMS
  x86_64-darwin-19

DEPENDENCIES
  bundler (~> 2.2)
  rake (~> 10.0)
  rspec (~> 3.0)
  whenever-runner!

BUNDLED WITH
   2.2.31
